PATH
  remote: .
  specs:
    bcrypt_pbkdf (1.0.0)

GEM
  remote: https://rubygems.org/
  specs:
    ffi (1.9.18)
    json (1.8.6)
    minitest (5.10.3)
    rake (12.3.0)
    rake-compiler (0.9.9)
      rake
    rake-compiler-dock (0.5.3)
    rbnacl (3.4.0)
      ffi
    rbnacl-libsodium (1.0.15.1)
      rbnacl (>= 3.0.1)
    rdoc (3.12.2)
      json (~> 1.4)

PLATFORMS
  ruby

DEPENDENCIES
  bcrypt_pbkdf!
  minitest (>= 5)
  rake-compiler (~> 0.9.7)
  rake-compiler-dock (~> 0.5.3)
  rbnacl (~> 3.3)
  rbnacl-libsodium (~> 1.0.8)
  rdoc (~> 3.12)

BUNDLED WITH
   1.16.0
